PATH
  remote: .
  specs:
    gandy_dancer (0.1.0)
      contracts (~> 0.14.0)
      rake (~> 11.1, >= 11.1.2)
      thor (~> 0.19.1)

GEM
  remote: https://rubygems.org/
  specs:
    ansi (1.5.0)
    builder (3.2.2)
    contracts (0.14.0)
    docile (1.1.5)
    json (1.8.3)
    metaclass (0.0.4)
    minitest (5.8.4)
    minitest-reporters (1.1.8)
      ansi
      builder
      minitest (>= 5.0)
      ruby-progressbar
    mocha (1.1.0)
      metaclass (~> 0.0.1)
    rake (11.1.2)
    ruby-progressbar (1.7.5)
    simplecov (0.11.2)
      docile (~> 1.1.0)
      json (~> 1.8)
      simplecov-html (~> 0.10.0)
    simplecov-html (0.10.0)
    thor (0.19.1)

PLATFORMS
  ruby

DEPENDENCIES
  gandy_dancer!
  minitest (~> 5.8.4)
  minitest-reporters (~> 1.1)
  mocha (~> 1.1)
  simplecov (~> 0.11.2)

BUNDLED WITH
   1.11.2
